GIT
  remote: https://github.com/stripe/stripe-ruby
  revision: cf7054c43060dd56efb41beb9c104d6b84825b77
  specs:
    stripe (1.7.0)
      multi_json (~> 1.1)
      rest-client (~> 1.4)

GEM
  remote: http://rubygems.org/
  specs:
    RubyInline (3.11.2)
      ZenTest (~> 4.3)
    ZenTest (4.8.0)
    archive-tar-minitar (0.5.2)
    aws-s3 (0.6.3)
      builder
      mime-types
      xml-simple
    backports (2.5.3)
    bcrypt-ruby (3.0.1)
    bourbon (1.4.0)
      sass (>= 3.1)
    builder (3.0.0)
    childprocess (0.3.2)
      ffi (~> 1.0.6)
    coffee-script (2.2.0)
      coffee-script-source
      execjs
    coffee-script-source (1.3.3)
    colorize (0.5.8)
    erubis (2.7.0)
    eventmachine (0.12.10)
    execjs (1.4.0)
      multi_json (~> 1.0)
    fezzik (0.7.0)
      colorize (>= 0.5.8)
      rake (~> 0.8.7)
      rake-remote_task (~> 2.0.2)
    ffi (1.0.11)
    foreman (0.41.0)
      thor (>= 0.13.6)
    hashie (1.2.0)
    i18n (0.6.0)
    image_science (1.2.3)
      RubyInline (~> 3.9)
    json (1.5.4)
    kgio (2.7.4)
    log4r (1.1.10)
    mail (2.4.4)
      i18n (>= 0.4.0)
      mime-types (~> 1.16)
      treetop (~> 1.4.8)
    mime-types (1.18)
    multi_json (1.3.5)
    net-scp (1.0.4)
      net-ssh (>= 1.99.1)
    net-ssh (2.2.2)
    nokogiri (1.4.7)
    open4 (1.3.0)
    opengraph (0.0.4)
      hashie
      nokogiri (~> 1.4.0)
      rest-client (~> 1.6.0)
    pathological (0.2.4)
    pg (0.13.2)
    pinion (0.1.5)
      rack (~> 1.0)
    polyglot (0.3.3)
    pony (1.4)
      mail (> 2.0)
    rack (1.4.1)
    rack-flash3 (1.0.1)
      rack
      rack
    rack-protection (1.2.0)
      rack
    rack-test (0.6.1)
      rack (>= 1.0)
    raindrops (0.8.0)
    rake (0.8.7)
    rake-remote_task (2.0.6)
      open4 (~> 1.0)
      rake (~> 0.8)
    rest-client (1.6.7)
      mime-types (>= 1.16)
    sass (3.1.16)
    sequel (3.33.0)
    sinatra (1.3.2)
      rack (~> 1.3, >= 1.3.6)
      rack-protection (~> 1.2)
      tilt (~> 1.3, >= 1.3.3)
    sinatra-content-for2 (0.3)
      sinatra
    sinatra-contrib (1.3.1)
      backports (>= 2.0)
      eventmachine
      rack-protection
      rack-test
      sinatra (~> 1.3.0)
      tilt (~> 1.3)
    sinatra-reloader (1.0)
      sinatra-contrib
    terraform (0.0.5)
    thor (0.14.6)
    tilt (1.3.3)
    treetop (1.4.10)
      polyglot
      polyglot (>= 0.3.1)
    unicorn (4.2.1)
      kgio (~> 2.6)
      rack
      raindrops (~> 0.7)
    uuidtools (2.1.2)
    vagrant (1.0.3)
      archive-tar-minitar (= 0.5.2)
      childprocess (~> 0.3.1)
      erubis (~> 2.7.0)
      i18n (~> 0.6.0)
      json (~> 1.5.1)
      log4r (~> 1.1.9)
      net-scp (~> 1.0.4)
      net-ssh (~> 2.2.2)
    xml-simple (1.1.1)

PLATFORMS
  ruby

DEPENDENCIES
  aws-s3
  bcrypt-ruby
  bourbon
  coffee-script
  fezzik (~> 0.7.0)
  foreman
  image_science
  opengraph
  pathological
  pg
  pinion
  pony
  rack-flash3
  rake (~> 0.8.7)
  sass
  sequel
  sinatra
  sinatra-content-for2
  sinatra-reloader
  stripe!
  terraform
  unicorn
  uuidtools
  vagrant (~> 1.0.3)
